PATH
  remote: .
  specs:
    zephyr_api (0.0.0)
      jwt

GEM
  remote: http://rubygems.org/
  specs:
    jwt (1.5.6)

PLATFORMS
  ruby

DEPENDENCIES
  zephyr_api!

BUNDLED WITH
   1.14.6
